GEM
  remote: https://rubygems.org/
  specs:
    aws-eventstream (1.2.0)
    aws-partitions (1.740.0)
    aws-sdk-core (3.171.0)
      aws-eventstream (~> 1, >= 1.0.2)
      aws-partitions (~> 1, >= 1.651.0)
      aws-sigv4 (~> 1.5)
      jmespath (~> 1, >= 1.6.1)
    aws-sdk-kms (1.63.0)
      aws-sdk-core (~> 3, >= 3.165.0)
      aws-sigv4 (~> 1.1)
    aws-sdk-s3 (1.120.0)
      aws-sdk-core (~> 3, >= 3.165.0)
      aws-sdk-kms (~> 1)
      aws-sigv4 (~> 1.4)
    aws-sigv4 (1.5.2)
      aws-eventstream (~> 1, >= 1.0.2)
    httparty (0.21.0)
      mini_mime (>= 1.0.0)
      multi_xml (>= 0.5.2)
    jmespath (1.6.2)
    metaclass (0.0.4)
    mini_mime (1.1.2)
    mocha (1.9.0)
      metaclass (~> 0.0.1)
    multi_xml (0.6.0)
    nokogiri (1.16.2-x86_64-linux)
      racc (~> 1.4)
    power_assert (1.1.4)
    racc (1.7.3)
    robotex (1.0.0)
    test-unit (3.3.3)
      power_assert

PLATFORMS
  x86_64-linux

DEPENDENCIES
  aws-sdk-s3
  httparty
  mocha
  nokogiri
  robotex
  test-unit

BUNDLED WITH
   2.0.2
