GEM
  remote: https://rubygems.org/
  specs:
    httparty (0.21.0)
      mini_mime (>= 1.0.0)
      multi_xml (>= 0.5.2)
    metaclass (0.0.4)
    mini_mime (1.1.2)
    mocha (1.9.0)
      metaclass (~> 0.0.1)
    multi_xml (0.6.0)
    power_assert (1.1.4)
    test-unit (3.3.3)
      power_assert

PLATFORMS
  ruby

DEPENDENCIES
  httparty
  mocha
  test-unit

BUNDLED WITH
   2.0.2
