GEM
  remote: https://rubygems.org/
  specs:
    childprocess (3.0.0)
    httparty (0.21.0)
      mini_mime (>= 1.0.0)
      multi_xml (>= 0.5.2)
    mini_mime (1.1.2)
    mini_portile2 (2.8.6)
    mocha (1.10.0)
    multi_xml (0.6.0)
    nokogiri (1.16.5)
      mini_portile2 (~> 2.8.2)
      racc (~> 1.4)
    power_assert (1.1.5)
    racc (1.7.3)
    rubyzip (1.3.0)
    selenium-webdriver (3.142.6)
      childprocess (>= 0.5, < 4.0)
      rubyzip (>= 1.2.2)
    test-unit (3.3.4)
      power_assert
    webdrivers (4.1.3)
      nokogiri (~> 1.6)
      rubyzip (>= 1.3.0)
      selenium-webdriver (>= 3.0, < 4.0)

PLATFORMS
  ruby

DEPENDENCIES
  childprocess
  httparty
  mocha
  nokogiri
  rubyzip (~> 1.3.0)
  selenium-webdriver
  test-unit
  webdrivers

BUNDLED WITH
   2.0.2
