GEM
  remote: https://rubygems.org/
  specs:
    childprocess (3.0.0)
    httparty (0.17.1)
      mime-types (~> 3.0)
      multi_xml (>= 0.5.2)
    mime-types (3.3)
      mime-types-data (~> 3.2015)
    mime-types-data (3.2019.1009)
    mini_portile2 (2.8.0)
    mocha (1.10.0)
    multi_xml (0.6.0)
    nokogiri (1.13.2)
      mini_portile2 (~> 2.8.0)
      racc (~> 1.4)
    power_assert (1.1.5)
    racc (1.6.0)
    rubyzip (1.3.0)
    selenium-webdriver (3.142.6)
      childprocess (>= 0.5, < 4.0)
      rubyzip (>= 1.2.2)
    test-unit (3.3.4)
      power_assert
    webdrivers (4.1.3)
      nokogiri (~> 1.6)
      rubyzip (>= 1.3.0)
      selenium-webdriver (>= 3.0, < 4.0)

PLATFORMS
  ruby

DEPENDENCIES
  childprocess
  httparty
  mocha
  nokogiri
  rubyzip (~> 1.3.0)
  selenium-webdriver
  test-unit
  webdrivers

BUNDLED WITH
   2.0.2
